GEM
  remote: https://rubygems.org/
  specs:
    addressable (2.5.1)
      public_suffix (~> 2.0, >= 2.0.2)
    byebug (9.0.6)
    faraday (0.12.1)
      multipart-post (>= 1.2, < 3)
    faraday_middleware (0.11.0.1)
      faraday (>= 0.7.4, < 1.0)
    json (2.1.0)
    launchy (2.4.3)
      addressable (~> 2.3)
    multipart-post (2.0.0)
    public_suffix (2.0.5)
    rack (2.0.1)
    rake (12.3.0)

PLATFORMS
  ruby

DEPENDENCIES
  byebug
  faraday
  faraday_middleware
  json
  launchy
  rack
  rake

BUNDLED WITH
   1.16.0
