PATH
  remote: .
  specs:
    wink-cli (0.1.0)

GEM
  remote: https://rubygems.org/
  specs:
    minitest (5.10.1)
    rake (12.3.0)

PLATFORMS
  ruby

DEPENDENCIES
  bundler
  minitest
  rake
  wink-cli!

BUNDLED WITH
   1.16.0
